GIT
  remote: https://github.com/biowink/prawn-svg
  revision: 41be090859fe6c9e0689e36f4cc01dd088edb174
  ref: 41be090859fe6c9e0689e36f4cc01dd088edb174
  specs:
    prawn-svg (0.21.0)
      css_parser (~> 1.3)
      prawn (>= 0.8.4, < 3)

PATH
  remote: .
  specs:
    svgeez (0.0.1)
      tilt (~> 2.0.1)

GEM
  remote: http://rubygems.org/
  specs:
    addressable (2.4.0)
    css_parser (1.4.1)
      addressable
    diff-lcs (1.2.5)
    pdf-core (0.6.0)
    prawn (2.0.2)
      pdf-core (~> 0.6.0)
      ttfunk (~> 1.4.0)
    rake (10.4.2)
    rspec (3.3.0)
      rspec-core (~> 3.3.0)
      rspec-expectations (~> 3.3.0)
      rspec-mocks (~> 3.3.0)
    rspec-core (3.3.2)
      rspec-support (~> 3.3.0)
    rspec-expectations (3.3.1)
      diff-lcs (>= 1.2.0, < 2.0)
      rspec-support (~> 3.3.0)
    rspec-mocks (3.3.2)
      diff-lcs (>= 1.2.0, < 2.0)
      rspec-support (~> 3.3.0)
    rspec-support (3.3.0)
    tilt (2.0.1)
    ttfunk (1.4.0)

PLATFORMS
  ruby

DEPENDENCIES
  prawn
  prawn-svg!
  rake (~> 10.1)
  rspec (~> 3.0)
  svgeez!

BUNDLED WITH
   1.10.6
